GEM
  remote: http://rubygems.org/
  specs:
    rack (1.6.4)
    rack-cors (0.4.0)
    redis (3.2.1)

PLATFORMS
  ruby

DEPENDENCIES
  rack
  rack-cors
  redis
